GEM
  remote: https://rubygems.org/
  specs:
    byebug (11.1.3)
    debug (1.9.0)
      irb (~> 1.10)
      reline (>= 0.3.8)
    diff-lcs (1.5.0)
    io-console (0.7.0)
    irb (1.10.1)
      rdoc
      reline (>= 0.3.8)
    psych (5.1.1.1)
      stringio
    rake (13.1.0)
    rdoc (6.6.1)
      psych (>= 4.0.0)
    reline (0.4.1)
      io-console (~> 0.5)
    rspec (3.12.0)
      rspec-core (~> 3.12.0)
      rspec-expectations (~> 3.12.0)
      rspec-mocks (~> 3.12.0)
    rspec-core (3.12.2)
      rspec-support (~> 3.12.0)
    rspec-expectations (3.12.3)
      diff-lcs (>= 1.2.0, < 2.0)
      rspec-support (~> 3.12.0)
    rspec-mocks (3.12.6)
      diff-lcs (>= 1.2.0, < 2.0)
      rspec-support (~> 3.12.0)
    rspec-support (3.12.1)
    ruby-debug-ide (0.7.3)
      rake (>= 0.8.1)
    stringio (3.1.0)

PLATFORMS
  x86_64-linux

DEPENDENCIES
  byebug
  debug
  rspec
  ruby-debug-ide

BUNDLED WITH
   2.4.22
